GEM
  remote: https://rubygems.org/
  specs:
    chunky_png (1.2.8)
    ruby-progressbar (1.0.2)

PLATFORMS
  ruby

DEPENDENCIES
  chunky_png
  ruby-progressbar
